GEM
  remote: https://rubygems.org/
  specs:
    minitest (5.25.4)
    mocha (2.7.1)
      ruby2_keywords (>= 0.0.5)
    ruby2_keywords (0.0.5)

PLATFORMS
  arm64-darwin-24
  ruby

DEPENDENCIES
  minitest
  mocha

BUNDLED WITH
   2.6.3
